GEM
  remote: http://rubygems.org/
  specs:
    bubble-wrap (1.1.5)
    motion-stump (0.2.0)
    motion_model (0.4.0)
      bubble-wrap (~> 1.1.4)
    rake (10.0.3)

PLATFORMS
  ruby

DEPENDENCIES
  bubble-wrap
  motion-stump
  motion_model
  rake
